GEM
  remote: http://rubygems.org/
  specs:
    bson (4.3.0)
    mongo (2.6.1)
      bson (>= 4.3.0, < 5.0.0)
    mustermann (1.0.2)
    puma (3.11.4)
    rack (2.0.5)
    rack-protection (2.0.3)
      rack
    sinatra (2.0.3)
      mustermann (~> 1.0)
      rack (~> 2.0)
      rack-protection (= 2.0.3)
      tilt (~> 2.0)
    tilt (2.0.8)

PLATFORMS
  ruby

DEPENDENCIES
  bson
  mongo
  puma
  sinatra

BUNDLED WITH
   1.13.6
